GEM
  remote: https://rubygems.org/
  specs:
    progressbar (1.9.0)

PLATFORMS
  ruby

DEPENDENCIES
  progressbar

BUNDLED WITH
   1.16.2
